GEM
  remote: https://rubygems.org/
  specs:
    hoe (3.15.0)
      rake (>= 0.8, < 12.0)
    minitest (5.8.4)
    rake (10.5.0)

PLATFORMS
  ruby

DEPENDENCIES
  hoe (~> 3.14)
  minitest
  rake (~> 10.5)

BUNDLED WITH
   1.11.2
